{
 "CapManufacturer": "BioSemi",
 "CapManufacturersModelName": "n/a",
 "CogAtlasID": "n/a",
 "CogPOID": "n/a",
 "DeviceSerialNumber": "n/a",
 "ECGChannelCount": 0,
 "EEGChannelCount": 64,
 "EEGGround": "n/a",
 "EEGPlacementScheme": "based on the extended 10/20 system",
 "EEGReference": "n/a",
 "EMGChannelCount": 0,
 "EOGChannelCount": 0,
 "EpochLength": 5,
 "HardwareFilters": "n/a",
 "HeadCircumference": 56,
 "InstitutionAddress": "Colchester, CO4 3SQ, United Kingdom",
 "InstitutionName": "University of Essex",
 "InstitutionalDepartmentName": "Brain-Computer Interfaces and Neural Engineering Laboratory, School of Computer Science and Electronic Engineering",
 "Instructions": "n/a",
 "MISCChannelCount": 11,
 "Manufacturer": "Biosemi",
 "ManufacturersModelName": "ActiveTwo",
 "PowerLineFrequency": 50.0,
 "RecordingDuration": 3876.99951171875,
 "RecordingType": "continuous",
 "SamplingFrequency": 2048.0,
 "SoftwareFilters": "n/a",
 "SoftwareVersions": "n/a",
 "SubjectArtefactDescription": "n/a",
 "TaskDescription": "n/a",
 "TaskName": "eeg",
 "TriggerChannelCount": 1
}
